GEM
  remote: https://rubygems.org/
  specs:
    nio4r (2.5.8)
    puma (5.6.4)
      nio4r (~> 2.0)
    rack (2.2.4)
    roda (3.58.0)
      rack

PLATFORMS
  x86_64-darwin-21

DEPENDENCIES
  puma
  roda

BUNDLED WITH
   2.3.14
